GEM
  remote: https://rubygems.org/
  specs:
    gemika (0.3.4)
    rake (12.3.2)

PLATFORMS
  ruby

DEPENDENCIES
  gemika
  rake
